GEM
  remote: https://rubygems.org/
  specs:
    crass (1.0.6)
    ffi (1.11.1)
    mini_portile2 (2.4.0)
    natto (1.1.2)
      ffi (>= 1.9.0)
    nokogiri (1.10.8)
      mini_portile2 (~> 2.4.0)
    nokogumbo (2.0.2)
      nokogiri (~> 1.8, >= 1.8.4)
    sanitize (5.2.1)
      crass (~> 1.0.2)
      nokogiri (>= 1.8.0)
      nokogumbo (~> 2.0)

PLATFORMS
  ruby

DEPENDENCIES
  natto
  nokogiri
  sanitize

BUNDLED WITH
   1.17.3
