GEM
  remote: https://rubygems.org/
  specs:
    crass (1.0.4)
    ffi (1.9.23)
    mini_portile2 (2.3.0)
    natto (1.1.1)
      ffi (>= 1.9.0)
    nokogiri (1.8.2)
      mini_portile2 (~> 2.3.0)
    nokogumbo (1.5.0)
      nokogiri
    sanitize (4.6.4)
      crass (~> 1.0.2)
      nokogiri (>= 1.4.4)
      nokogumbo (~> 1.4)

PLATFORMS
  ruby

DEPENDENCIES
  natto
  nokogiri
  sanitize

BUNDLED WITH
   1.10.6
